GEM
  remote: http://rubygems.org/
  specs:
    fishwife (1.3.0-java)
      rack (~> 1.4.1)
      rjack-jetty (>= 7.5.4, < 7.7)
      rjack-slf4j (~> 1.6.1)
    rack (1.4.1)
    rack-protection (1.2.0)
      rack
    rjack-jetty (7.6.0.0-java)
    rjack-logback (1.3.0-java)
      rjack-slf4j (~> 1.6.0)
    rjack-slf4j (1.6.4.0-java)
    sinatra (1.3.2)
      rack (~> 1.3, >= 1.3.6)
      rack-protection (~> 1.2)
      tilt (~> 1.3, >= 1.3.3)
    tilt (1.3.3)

PLATFORMS
  java

DEPENDENCIES
  fishwife (~> 1.3)
  rjack-logback (~> 1.2)
  sinatra (~> 1.3.2)
